PATH
  remote: .
  specs:
    majek (0.1.3)
      md_inc (= 0.3.1)

GEM
  remote: https://rubygems.org/
  specs:
    md_inc (0.3.1)
    rake (10.0.3)

PLATFORMS
  ruby

DEPENDENCIES
  majek!
  rake
