PATH
  remote: .
  specs:
    majek (0.1.2)
      md_inc

GEM
  remote: http://rubygems.org/
  specs:
    md_inc (0.2.7)
    rake (10.0.3)

PLATFORMS
  ruby

DEPENDENCIES
  majek!
  rake
